GEM
  remote: https://rubygems.org/
  specs:
    holidays (1.0.6)
    rake (10.1.1)

PLATFORMS
  ruby

DEPENDENCIES
  holidays (~> 1.0)
  rake (~> 10.1.1)
